PATH
  remote: .
  specs:
    top_movies (0.1.0)

GEM
  remote: https://rubygems.org/
  specs:
    rake (10.4.2)

PLATFORMS
  ruby

DEPENDENCIES
  bundler (~> 2.0)
  rake (~> 10.0)
  top_movies!

BUNDLED WITH
   2.0.1
